GEM
  remote: https://rubygems.org/
  specs:
    coderay (1.0.9)
    escape (0.0.4)
    evoker (0.0.11)
      rake (>= 0.9.2)
    method_source (0.8.1)
    minigit (0.0.3)
    mixlib-config (1.1.2)
    polyglot (0.3.3)
    pry (0.9.12)
      coderay (~> 1.0.5)
      method_source (~> 0.8)
      slop (~> 3.4)
    rake (10.0.3)
    slop (3.4.3)
    thor (0.17.0)
    treetop (1.4.12)
      polyglot
      polyglot (>= 0.3.1)
    treetop-dcf (0.2.1)
      treetop (>= 1.2.5)
    vendorificator (0.2.0)
      escape
      minigit (>= 0.0.3)
      mixlib-config
      thor (>= 0.17.0)

PLATFORMS
  ruby

DEPENDENCIES
  evoker
  pry
  rake
  treetop-dcf
  vendorificator
