GEM
  remote: https://rubygems.org/
  specs:
    coderay (1.0.8)
    diff-lcs (1.2.1)
    escape (0.0.4)
    evoker (0.0.11)
      rake (>= 0.9.2)
    grit (2.5.0)
      diff-lcs (~> 1.1)
      mime-types (~> 1.15)
      posix-spawn (~> 0.3.6)
    method_source (0.8.1)
    mime-types (1.21)
    mixlib-config (1.1.2)
    polyglot (0.3.3)
    posix-spawn (0.3.6)
    pry (0.9.11.4)
      coderay (~> 1.0.5)
      method_source (~> 0.8)
      slop (~> 3.4)
    rake (10.0.3)
    slop (3.4.3)
    thor (0.17.0)
    treetop (1.4.12)
      polyglot
      polyglot (>= 0.3.1)
    treetop-dcf (0.2.1)
      treetop (>= 1.2.5)
    vendorificator (0.1.1)
      escape
      grit
      mixlib-config
      thor (>= 0.17.0)

PLATFORMS
  ruby

DEPENDENCIES
  evoker
  pry
  rake
  treetop-dcf
  vendorificator
